GEM
  remote: https://rubygems.org/
  specs:
    httparty (0.15.6)
      multi_xml (>= 0.5.2)
    multi_xml (0.6.0)
    recursive-open-struct (1.0.5)
    uwaterlooapi (0.1.1)
      httparty
      recursive-open-struct

PLATFORMS
  ruby

DEPENDENCIES
  uwaterlooapi (~> 0.1.1)

BUNDLED WITH
   1.15.4
