GEM
  remote: https://rubygems.org/
  specs:
    pg (0.18.4)

PLATFORMS
  ruby

DEPENDENCIES
  pg (~> 0.18.4)

BUNDLED WITH
   1.15.4
