GEM
  remote: https://rubygems.org/
  specs:
    pg (0.18.4)
    rake (11.3.0)

PLATFORMS
  ruby

DEPENDENCIES
  pg (~> 0.18.4)
  rake (~> 11.2, >= 11.2.2)

BUNDLED WITH
   1.15.4
